PATH
  remote: .
  specs:
    sjpush (0.0.9)

GEM
  remote: https://rubygems.org/
  specs:

PLATFORMS
  ruby

DEPENDENCIES
  sjpush!

BUNDLED WITH
   1.16.1
